GEM
  remote: http://rubygems.org/
  specs:
    addressable (2.2.8)
    albino (1.3.3)
      posix-spawn (>= 0.3.6)
    classifier (1.3.3)
      fast-stemmer (>= 1.0.0)
    directory_watcher (1.4.1)
    domainatrix (0.0.10)
      addressable
    fast-stemmer (1.0.1)
    fleakr (0.7.1)
      hpricot (>= 0.6.164)
      loggable (>= 0.2.0)
    hpricot (0.8.6)
    jekyll (0.11.2)
      albino (~> 1.3)
      classifier (~> 1.3)
      directory_watcher (~> 1.1)
      kramdown (~> 0.13)
      liquid (~> 2.3)
      maruku (~> 0.5)
    json (1.7.3)
    kramdown (0.13.7)
    liquid (2.3.0)
    loggable (0.3.0)
    maruku (0.6.0)
      syntax (>= 1.0.0)
    posix-spawn (0.3.6)
    ruby-oembed (0.8.7)
    syntax (1.0.0)

PLATFORMS
  ruby

DEPENDENCIES
  domainatrix
  fleakr
  jekyll
  json
  ruby-oembed
